PATH
  remote: .
  specs:
    em-ssh (0.8.0)
      eventmachine (~> 1.2)
      net-ssh (~> 3.2)

GEM
  remote: http://rubygems.org/
  specs:
    coderay (1.1.1)
    diff-lcs (1.1.3)
    eventmachine (1.2.0.1)
    highline (1.6.13)
    method_source (0.8.2)
    net-ssh (3.2.0)
    pry (0.10.4)
      coderay (~> 1.1.0)
      method_source (~> 0.8.1)
      slop (~> 3.4)
    rspec (2.6.0)
      rspec-core (~> 2.6.0)
      rspec-expectations (~> 2.6.0)
      rspec-mocks (~> 2.6.0)
    rspec-core (2.6.4)
    rspec-expectations (2.6.0)
      diff-lcs (~> 1.1.2)
    rspec-mocks (2.6.0)
    ruby-termios (0.9.6)
    slop (3.6.0)

PLATFORMS
  ruby

DEPENDENCIES
  em-ssh!
  highline (~> 1.6)
  pry
  rspec (> 2.2.0)
  rspec-core (< 2.7.0)
  ruby-termios (~> 0.9)

BUNDLED WITH
   1.12.5
