PATH
  remote: .
  specs:
    em-ssh (0.5.0)
      eventmachine
      net-ssh

GEM
  remote: http://rubygems.org/
  specs:
    bluecloth (2.1.0)
    coderay (1.0.8)
    diff-lcs (1.1.3)
    eventmachine (1.0.1)
    highline (1.6.13)
    method_source (0.8.1)
    net-ssh (2.6.2)
    pry (0.9.10)
      coderay (~> 1.0.5)
      method_source (~> 0.8)
      slop (~> 3.3.1)
    rspec (2.6.0)
      rspec-core (~> 2.6.0)
      rspec-expectations (~> 2.6.0)
      rspec-mocks (~> 2.6.0)
    rspec-core (2.6.4)
    rspec-expectations (2.6.0)
      diff-lcs (~> 1.1.2)
    rspec-mocks (2.6.0)
    ruby-termios (0.9.6)
    slop (3.3.3)
    yard (0.7.3)

PLATFORMS
  ruby

DEPENDENCIES
  bluecloth
  em-ssh!
  highline
  pry
  rspec (> 2.2.0)
  rspec-core (< 2.7.0)
  ruby-termios
  yard
