PATH
  remote: .
  specs:
    em-ssh (0.3.0.pre2)
      eventmachine
      net-ssh

GEM
  remote: http://rubygems.org/
  specs:
    bluecloth (2.1.0)
    diff-lcs (1.1.3)
    eventmachine (0.12.10)
    highline (1.6.13)
    net-ssh (2.5.2)
    rspec (2.6.0)
      rspec-core (~> 2.6.0)
      rspec-expectations (~> 2.6.0)
      rspec-mocks (~> 2.6.0)
    rspec-core (2.6.4)
    rspec-expectations (2.6.0)
      diff-lcs (~> 1.1.2)
    rspec-mocks (2.6.0)
    ruby-termios (0.9.6)
    yard (0.7.3)

PLATFORMS
  ruby

DEPENDENCIES
  bluecloth
  em-ssh!
  highline
  rspec (> 2.2.0)
  rspec-core (< 2.7.0)
  ruby-termios
  yard
